GEM
  remote: http://ruby.taobao.org/
  specs:
    chunky_png (1.2.8)
    compass (0.12.2)
      chunky_png (~> 1.2)
      fssm (>= 0.2.7)
      sass (~> 3.1)
    compass-960-plugin (0.10.4)
      compass (>= 0.10.0)
    compass-normalize (1.4.3)
      compass (>= 0.12.0)
    compass_twitter_bootstrap (2.2.2.2)
      compass
    fssm (0.2.10)
    sass (3.2.7)

PLATFORMS
  x86-mingw32

DEPENDENCIES
  compass-960-plugin (~> 0.10.4)
  compass-normalize (~> 1.4.3)
  compass_twitter_bootstrap (~> 2.2.2.2)
